PATH
  remote: .
  specs:
    sour (0.1.2)

GEM
  remote: http://rubygems.org/
  specs:

PLATFORMS
  ruby

DEPENDENCIES
  sour!
