PATH
  remote: .
  specs:
    source2swagger (0.1.0)
      thor

GEM
  remote: http://rubygems.org/
  specs:
    thor (0.16.0)

PLATFORMS
  ruby

DEPENDENCIES
  source2swagger!
